GIT
  remote: git://github.com/bookworm/padrino-assethelpers.git
  revision: 65c4f4bc3d6e6c57bef57dc47d24987611d3478d
  specs:
    padrino-assethelpers (0.1.0)
      padrino-core
      padrino-helpers

GIT
  remote: git://github.com/bookworm/padrino-flash.git
  revision: e3435a006cf9db0f5cce4c45dea288f005845f85
  specs:
    padrino-flash (0.2.0)
      padrino-core
      padrino-helpers

GIT
  remote: git://github.com/bookworm/padrino-responders.git
  revision: 89d8fb3ef33b5766749af100445929573f218661
  specs:
    padrino-responders (0.1.5)
      padrino (>= 0.10.2)
      sinatra-flash (>= 0.3.0)

GIT
  remote: git://github.com/bookworm/padrino-sprockets.git
  revision: 07815c2df02c0afcce3a9448d8871cc5821865ea
  specs:
    padrino-sprockets (0.0.1)
      sprockets

GIT
  remote: git://github.com/padrino/padrino-framework.git
  revision: dd4453ea8cee9f947856655f769021571db83537
  specs:
    padrino (0.10.7)
      padrino-admin (= 0.10.7)
      padrino-cache (= 0.10.7)
      padrino-core (= 0.10.7)
      padrino-gen (= 0.10.7)
      padrino-helpers (= 0.10.7)
      padrino-mailer (= 0.10.7)
    padrino-admin (0.10.7)
      padrino-core (= 0.10.7)
      padrino-helpers (= 0.10.7)
    padrino-cache (0.10.7)
      padrino-core (= 0.10.7)
      padrino-helpers (= 0.10.7)
    padrino-core (0.10.7)
      activesupport (>= 3.1.0)
      http_router (~> 0.10.2)
      sinatra (~> 1.3.1)
      thor (~> 0.16.0)
      tilt (~> 1.3.0)
    padrino-gen (0.10.7)
      bundler (~> 1.0)
      padrino-core (= 0.10.7)
    padrino-helpers (0.10.7)
      i18n (~> 0.6)
      padrino-core (= 0.10.7)
    padrino-mailer (0.10.7)
      mail (~> 2.5.3)
      padrino-core (= 0.10.7)

GEM
  remote: http://rubygems.org/
  specs:
    activemodel (3.2.11)
      activesupport (= 3.2.11)
      builder (~> 3.0.0)
    activesupport (3.2.11)
      i18n (~> 0.6)
      multi_json (~> 1.0)
    addressable (2.3.2)
    bcrypt-ruby (3.0.1)
    bson (1.8.2)
    bson_ext (1.8.2)
      bson (~> 1.8.2)
    builder (3.0.4)
    childprocess (0.3.7)
      ffi (~> 1.0, >= 1.0.6)
    chunky_png (1.2.7)
    coderay (1.0.8)
    coffee-script (2.2.0)
      coffee-script-source
      execjs
    coffee-script-source (1.4.0)
    compass (0.12.2)
      chunky_png (~> 1.2)
      fssm (>= 0.2.7)
      sass (~> 3.1)
    crack (0.3.2)
    daemons (1.1.9)
    diff-lcs (1.1.3)
    eventmachine (1.0.0)
    execjs (1.4.0)
      multi_json (~> 1.0)
    factory_girl (4.1.0)
      activesupport (>= 3.0.0)
    ffaker (1.15.0)
    ffi (1.3.1)
    foreman (0.61.0)
      thor (>= 0.13.6)
    fssm (0.2.10)
    guard (1.6.2)
      listen (>= 0.6.0)
      lumberjack (>= 1.0.2)
      pry (>= 0.9.10)
      terminal-table (>= 1.4.3)
      thor (>= 0.14.6)
    guard-jasmine (1.10.1)
      childprocess
      guard (>= 1.1.0)
      multi_json
      thor
    hike (1.2.1)
    http_router (0.10.2)
      rack (>= 1.0.0)
      url_mount (~> 0.2.1)
    i18n (0.6.1)
    listen (0.7.2)
    lumberjack (1.0.2)
    mail (2.5.3)
      i18n (>= 0.4.0)
      mime-types (~> 1.16)
      treetop (~> 1.4.8)
    method_source (0.8.1)
    mime-types (1.19)
    mongo (1.8.2)
      bson (~> 1.8.2)
    mongo_mapper (0.12.0)
      activemodel (~> 3.0)
      activesupport (~> 3.0)
      plucky (~> 0.5.2)
    multi_json (1.4.0)
    oj (1.4.7)
    plucky (0.5.2)
      mongo (~> 1.5)
    polyglot (0.3.3)
    pry (0.9.11.4)
      coderay (~> 1.0.5)
      method_source (~> 0.8)
      slop (~> 3.4)
    pusher (0.9.4)
      multi_json (~> 1.0)
      signature (~> 0.1.2)
    rack (1.5.1)
    rack-protection (1.3.2)
      rack
    rack-test (0.6.2)
      rack (>= 1.0)
    rake (10.0.3)
    rspec (2.12.0)
      rspec-core (~> 2.12.0)
      rspec-expectations (~> 2.12.0)
      rspec-mocks (~> 2.12.0)
    rspec-core (2.12.2)
    rspec-expectations (2.12.1)
      diff-lcs (~> 1.1.3)
    rspec-mocks (2.12.2)
    sass (3.2.5)
    signature (0.1.6)
    sinatra (1.3.4)
      rack (~> 1.4)
      rack-protection (~> 1.3)
      tilt (~> 1.3, >= 1.3.3)
    sinatra-flash (0.3.0)
      sinatra (>= 1.0.0)
    slim (1.3.6)
      temple (~> 0.5.5)
      tilt (~> 1.3.3)
    slop (3.4.3)
    sprockets (2.2.2)
      hike (~> 1.2)
      multi_json (~> 1.0)
      rack (~> 1.0)
      tilt (~> 1.1, != 1.3.0)
    temple (0.5.5)
    terminal-table (1.4.5)
    thin (1.5.0)
      daemons (>= 1.0.9)
      eventmachine (>= 0.12.6)
      rack (>= 1.0.0)
    thor (0.16.0)
    tilt (1.3.3)
    treetop (1.4.12)
      polyglot
      polyglot (>= 0.3.1)
    tzinfo (0.3.35)
    uglifier (1.3.0)
      execjs (>= 0.3.0)
      multi_json (~> 1.0, >= 1.0.2)
    url_mount (0.2.1)
      rack
    webmock (1.9.0)
      addressable (>= 2.2.7)
      crack (>= 0.1.7)

PLATFORMS
  ruby

DEPENDENCIES
  bcrypt-ruby (~> 3.0.1)
  bson_ext (~> 1.8.0)
  coffee-script (~> 2.2.0)
  compass (~> 0.12.2)
  factory_girl (~> 4.1.0)
  ffaker (~> 1.15.0)
  foreman
  guard-jasmine (~> 1.10.1)
  mongo_mapper (~> 0.12.0)
  multi_json (~> 1.4.0)
  oj (~> 1.4.6)
  padrino (~> 0.10.7)!
  padrino-assethelpers (~> 0.1.0)!
  padrino-flash (~> 0.2.0)!
  padrino-responders (~> 0.1.5)!
  padrino-sprockets (~> 0.0.1)!
  pusher (= 0.9.4)
  rack-test (~> 0.6.2)
  rake (~> 10.0.2)
  rspec (~> 2.12.0)
  slim (~> 1.3.4)
  sprockets (~> 2.2.1)
  thin (~> 1.5.0)
  tzinfo (~> 0.3.35)
  uglifier (~> 1.3.0)
  webmock (~> 1.9.0)
